PATH
  remote: .
  specs:
    voicemeeter_api_ruby (1.0.6)
      ffi (~> 1.9, >= 1.9.10)

GEM
  remote: https://rubygems.org/
  specs:
    ffi (1.15.0-x64-mingw32)
    minitest (5.14.4)
    rake (13.0.3)

PLATFORMS
  x64-mingw32

DEPENDENCIES
  minitest (~> 5.14, >= 5.14.4)
  rake (~> 13.0, >= 13.0.3)
  voicemeeter_api_ruby!

BUNDLED WITH
   2.2.16
